PATH
  remote: .
  specs:
    async4r (0.1.0)
      lightio (= 0.4.4)

GEM
  remote: https://rubygems.org/
  specs:
    diff-lcs (1.3)
    lightio (0.4.4)
      nio4r (~> 2.2)
    nio4r (2.3.1)
    rake (13.0.6)
    rspec (3.8.0)
      rspec-core (~> 3.8.0)
      rspec-expectations (~> 3.8.0)
      rspec-mocks (~> 3.8.0)
    rspec-core (3.8.0)
      rspec-support (~> 3.8.0)
    rspec-expectations (3.8.1)
      diff-lcs (>= 1.2.0, < 2.0)
      rspec-support (~> 3.8.0)
    rspec-mocks (3.8.0)
      diff-lcs (>= 1.2.0, < 2.0)
      rspec-support (~> 3.8.0)
    rspec-support (3.8.0)

PLATFORMS
  ruby

DEPENDENCIES
  async4r!
  bundler (~> 1.16)
  rake (~> 13.0)
  rspec (~> 3.0)

BUNDLED WITH
   1.16.4
